PATH
  remote: .
  specs:
    lander (0.1.0)

GEM
  remote: https://rubygems.org/
  specs:
    minitest (5.11.3)
    rake (10.4.2)

PLATFORMS
  ruby

DEPENDENCIES
  bundler (~> 1.17)
  lander!
  minitest (~> 5.0)
  rake (~> 10.0)

BUNDLED WITH
   1.17.1
